GEM
  remote: https://rubygems.org/
  specs:
    curses (1.4.0)

PLATFORMS
  ruby

DEPENDENCIES
  curses (~> 1.4)

BUNDLED WITH
   1.17.3
